GIT
  remote: git://github.com/consolving/conforming.git
  revision: 334fc86cfec42cc8d2860ee83d07f1800cd8d192
  specs:
    conforming (0.1.0)
      actionpack
      activemodel
      activesupport

GIT
  remote: git://github.com/paneq/calendar_date_select.git
  revision: 977048211b94599fe0f08eb37a481f3d69df48f6
  specs:
    calendar_date_select (1.16.2)

GIT
  remote: git://github.com/wvk/workflow.git
  revision: 96dff8d3a7239dd416954e774cfa1c5a492c9e4c
  specs:
    validating-workflow (0.7.4)

GEM
  remote: http://rubygems.org/
  specs:
    abstract (1.0.0)
    actionmailer (3.0.9)
      actionpack (= 3.0.9)
      mail (~> 2.2.19)
    actionpack (3.0.9)
      activemodel (= 3.0.9)
      activesupport (= 3.0.9)
      builder (~> 2.1.2)
      erubis (~> 2.6.6)
      i18n (~> 0.5.0)
      rack (~> 1.2.1)
      rack-mount (~> 0.6.14)
      rack-test (~> 0.5.7)
      tzinfo (~> 0.3.23)
    activemodel (3.0.9)
      activesupport (= 3.0.9)
      builder (~> 2.1.2)
      i18n (~> 0.5.0)
    activerecord (3.0.9)
      activemodel (= 3.0.9)
      activesupport (= 3.0.9)
      arel (~> 2.0.10)
      tzinfo (~> 0.3.23)
    activeresource (3.0.9)
      activemodel (= 3.0.9)
      activesupport (= 3.0.9)
    activesupport (3.0.9)
    arel (2.0.10)
    authlogic (3.2.0)
      activerecord (>= 3.0.0)
      activesupport (>= 3.0.0)
    blankslate (2.1.2.4)
    builder (2.1.2)
    choice (0.1.6)
    erubis (2.6.6)
      abstract (>= 1.0.0)
    fastercsv (1.5.5)
    i18n (0.5.0)
    json (1.7.6)
    mail (2.2.19)
      activesupport (>= 2.3.6)
      i18n (>= 0.4.0)
      mime-types (~> 1.16)
      treetop (~> 1.4.8)
    mime-types (1.19)
    mysql2 (0.2.18)
    nokogiri (1.5.6)
    polyglot (0.3.3)
    rack (1.2.6)
    rack-mount (0.6.14)
      rack (>= 1.0.0)
    rack-test (0.5.7)
      rack (>= 1.0)
    rails (3.0.9)
      actionmailer (= 3.0.9)
      actionpack (= 3.0.9)
      activerecord (= 3.0.9)
      activeresource (= 3.0.9)
      activesupport (= 3.0.9)
      bundler (~> 1.0)
      railties (= 3.0.9)
    rails-erd (1.0.0)
      activerecord (>= 3.0)
      activesupport (>= 3.0)
      choice (~> 0.1.6)
      ruby-graphviz (~> 1.0.4)
    railties (3.0.9)
      actionpack (= 3.0.9)
      activesupport (= 3.0.9)
      rake (>= 0.8.7)
      rdoc (~> 3.4)
      thor (~> 0.14.4)
    rake (10.0.3)
    rdoc (3.12)
      json (~> 1.4)
    riddle (1.5.4)
    ruby-graphviz (1.0.8)
    thinking-sphinx (2.0.10)
      activerecord (>= 3.0.3)
      builder (>= 2.1.2)
      riddle (>= 1.5.0)
    thor (0.14.6)
    treetop (1.4.12)
      polyglot
      polyglot (>= 0.3.1)
    tzinfo (0.3.35)
    vpim (0.695)
    webrat (0.7.3)
      nokogiri (>= 1.2.0)
      rack (>= 1.0)
      rack-test (>= 0.5.3)

PLATFORMS
  ruby

DEPENDENCIES
  authlogic
  blankslate (= 2.1.2.4)
  calendar_date_select!
  conforming!
  fastercsv
  mysql2 (~> 0.2.6)
  rails (= 3.0.9)
  rails-erd
  rdoc
  thinking-sphinx (= 2.0.10)
  validating-workflow!
  vpim
  webrat
