GIT
  remote: git://github.com/consolving/conforming.git
  revision: d7ec47017574f6fd813d25e08cc037154b1fe15c
  specs:
    conforming (0.1.0)
      actionpack
      activemodel
      activesupport

GIT
  remote: git://github.com/paneq/calendar_date_select.git
  revision: 977048211b94599fe0f08eb37a481f3d69df48f6
  specs:
    calendar_date_select (1.16.2)

GIT
  remote: git://github.com/wvk/workflow.git
  revision: 96dff8d3a7239dd416954e774cfa1c5a492c9e4c
  specs:
    validating-workflow (0.7.4)

PATH
  remote: ../v_planer_admin
  specs:
    v_planer_admin (0.0.1)
      rails (~> 3.1.7)

PATH
  remote: ../v_planer_audition
  specs:
    v_planer_audition (0.0.1)
      rails (~> 3.1.7)

PATH
  remote: ../v_planer_rental
  specs:
    v_planer_rental (0.0.1)
      rails (~> 3.1.7)

GEM
  remote: http://rubygems.org/
  specs:
    actionmailer (3.1.7)
      actionpack (= 3.1.7)
      mail (~> 2.3.3)
    actionpack (3.1.7)
      activemodel (= 3.1.7)
      activesupport (= 3.1.7)
      builder (~> 3.0.0)
      erubis (~> 2.7.0)
      i18n (~> 0.6)
      rack (~> 1.3.6)
      rack-cache (~> 1.2)
      rack-mount (~> 0.8.2)
      rack-test (~> 0.6.1)
      sprockets (~> 2.0.4)
    activemodel (3.1.7)
      activesupport (= 3.1.7)
      builder (~> 3.0.0)
      i18n (~> 0.6)
    activerecord (3.1.7)
      activemodel (= 3.1.7)
      activesupport (= 3.1.7)
      arel (~> 2.2.3)
      tzinfo (~> 0.3.29)
    activeresource (3.1.7)
      activemodel (= 3.1.7)
      activesupport (= 3.1.7)
    activesupport (3.1.7)
      multi_json (>= 1.0, < 1.3)
    arel (2.2.3)
    authlogic (3.2.0)
      activerecord (>= 3.0.0)
      activesupport (>= 3.0.0)
    builder (3.0.4)
    choice (0.1.6)
    erubis (2.7.0)
    fastercsv (1.5.5)
    hike (1.2.1)
    i18n (0.6.1)
    json (1.7.6)
    mail (2.3.3)
      i18n (>= 0.4.0)
      mime-types (~> 1.16)
      treetop (~> 1.4.8)
    mime-types (1.19)
    multi_json (1.2.0)
    mysql2 (0.3.11)
    nokogiri (1.5.6)
    polyglot (0.3.3)
    rack (1.3.9)
    rack-cache (1.2)
      rack (>= 0.4)
    rack-mount (0.8.3)
      rack (>= 1.0.0)
    rack-ssl (1.3.2)
      rack
    rack-test (0.6.2)
      rack (>= 1.0)
    rails (3.1.7)
      actionmailer (= 3.1.7)
      actionpack (= 3.1.7)
      activerecord (= 3.1.7)
      activeresource (= 3.1.7)
      activesupport (= 3.1.7)
      bundler (~> 1.0)
      railties (= 3.1.7)
    rails-erd (1.1.0)
      activerecord (>= 3.0)
      activesupport (>= 3.0)
      choice (~> 0.1.6)
      ruby-graphviz (~> 1.0.4)
    railties (3.1.7)
      actionpack (= 3.1.7)
      activesupport (= 3.1.7)
      rack-ssl (~> 1.3.2)
      rake (>= 0.8.7)
      rdoc (~> 3.4)
      thor (~> 0.14.6)
    rake (10.0.3)
    rdoc (3.12)
      json (~> 1.4)
    ruby-graphviz (1.0.8)
    sprockets (2.0.4)
      hike (~> 1.2)
      rack (~> 1.0)
      tilt (~> 1.1, != 1.3.0)
    thor (0.14.6)
    tilt (1.3.3)
    treetop (1.4.12)
      polyglot
      polyglot (>= 0.3.1)
    tzinfo (0.3.35)
    vpim (0.695)
    webrat (0.7.3)
      nokogiri (>= 1.2.0)
      rack (>= 1.0)
      rack-test (>= 0.5.3)

PLATFORMS
  ruby

DEPENDENCIES
  authlogic
  calendar_date_select!
  conforming!
  fastercsv
  mysql2
  rails (= 3.1.7)
  rails-erd
  rake (= 10.0.3)
  rdoc
  v_planer_admin!
  v_planer_audition!
  v_planer_rental!
  validating-workflow!
  vpim
  webrat
